GEM
  remote: http://rubygems.org/
  specs:
    binding_of_caller (0.6.7)
    coderay (1.0.5)
    deckrb (0.3.0)
      coderay
      erector (>= 0.9.0.pre1)
      json
      nokogiri
      rack
      rack-codehighlighter
      redcarpet (~> 2)
      trollop
    erector (0.9.0.pre1)
      treetop (>= 1.2.3)
    json (1.6.6)
    method_source (0.7.1)
    nokogiri (1.5.2)
    polyglot (0.3.3)
    pry (0.9.9.4)
      coderay (~> 1.0.5)
      method_source (~> 0.7.1)
      slop (>= 2.4.4, < 3)
    pry-exception_explorer (0.1.9)
      pry-stack_explorer (>= 0.3.9)
    pry-nav (0.2.1)
      pry (~> 0.9.9)
    pry-stack_explorer (0.4.2)
      binding_of_caller (~> 0.6.2)
      pry (~> 0.9.9)
    rack (1.4.1)
    rack-codehighlighter (0.5.0)
      nokogiri (>= 1.4.1)
      rack (>= 1.0.0)
    redcarpet (2.1.1)
    slop (2.4.4)
    treetop (1.4.10)
      polyglot
      polyglot (>= 0.3.1)
    trollop (1.16.2)

PLATFORMS
  ruby

DEPENDENCIES
  deckrb (~> 0.3.0)
  pry
  pry-exception_explorer
  pry-nav
  pry-stack_explorer
